GIT
  remote: git@github.nrel.gov:Technology-Deployment/capistrano-mea-defaults.git
  revision: cb94e36442baaf40bdfa0b3e3461caede1dee651
  specs:
    capistrano-mea-defaults (0.1.2)

GIT
  remote: git@github.nrel.gov:Technology-Deployment/captastic-foreman.git
  revision: a02ba70d01d1b2bc3e3fd7a759594c1660760604
  specs:
    captastic-foreman (0.2.1)
      inifile

GIT
  remote: git@github.nrel.gov:Technology-Deployment/captastic-nginx.git
  revision: 6ab310d9ebbcfdf4c41a27fd1f397c7b7888b90c
  specs:
    captastic-nginx (0.1.0)

GIT
  remote: git@github.nrel.gov:Technology-Deployment/captastic-subdomains.git
  revision: 3e93945b5c2646b19670fe4faf89bbbf6b379210
  specs:
    captastic-subdomains (0.1.1)

GIT
  remote: git@github.nrel.gov:Technology-Deployment/captastic.git
  revision: 6319431299986220c4317304fe8edb848c4f8796
  specs:
    captastic (0.1.2)

GEM
  remote: https://rubygems.org/
  specs:
    airbrussh (1.1.1)
      sshkit (>= 1.6.1, != 1.7.0)
    capistrano (3.7.0)
      airbrussh (>= 1.0.0)
      capistrano-harrow
      i18n
      rake (>= 10.0.0)
      sshkit (>= 1.9.0)
    capistrano-bundler (1.2.0)
      capistrano (~> 3.1)
      sshkit (~> 1.2)
    capistrano-file-permissions (1.0.0)
      capistrano (~> 3.0)
    capistrano-harrow (0.5.3)
    capistrano-rbenv (2.1.0)
      capistrano (~> 3.1)
      sshkit (~> 1.3)
    foreman (0.82.0)
      thor (~> 0.19.1)
    i18n (0.7.0)
    inifile (3.0.0)
    net-scp (1.2.1)
      net-ssh (>= 2.6.5)
    net-ssh (3.2.0)
    rake (12.0.0)
    sshkit (1.11.4)
      net-scp (>= 1.1.2)
      net-ssh (>= 2.8.0)
    thor (0.19.4)

PLATFORMS
  ruby

DEPENDENCIES
  capistrano (~> 3.7.0)
  capistrano-bundler (~> 1.2.0)
  capistrano-file-permissions (~> 1.0.0)
  capistrano-mea-defaults (~> 0.1.0)!
  capistrano-rbenv (~> 2.1.0)
  captastic!
  captastic-foreman!
  captastic-nginx!
  captastic-subdomains (~> 0.1.1)!
  foreman (~> 0.82.0)

BUNDLED WITH
   1.11.2
