GIT
  remote: https://github.nrel.gov/TADA/capistrano-mea-defaults.git
  revision: 66e71ec45fd67468603c24f1626abe441d9b470c
  specs:
    capistrano-mea-defaults (0.1.2)

GIT
  remote: https://github.nrel.gov/TADA/captastic-foreman.git
  revision: cced6a62c02e73d2b0322025082a37b7a0aa2b69
  specs:
    captastic-foreman (0.2.1)
      inifile

GIT
  remote: https://github.nrel.gov/TADA/captastic-nginx.git
  revision: 8198edc9e1b9378f5912c4c1a025adbf46182200
  specs:
    captastic-nginx (0.1.0)

GIT
  remote: https://github.nrel.gov/TADA/captastic-subdomains.git
  revision: ad45415bf42fd369884de94045297b366de19147
  specs:
    captastic-subdomains (0.1.2)

GIT
  remote: https://github.nrel.gov/TADA/captastic.git
  revision: deb60674f57701b9fe2babd6da098d4b26db7121
  specs:
    captastic (0.1.2)

GEM
  remote: https://rubygems.org/
  specs:
    airbrussh (1.3.0)
      sshkit (>= 1.6.1, != 1.7.0)
    capistrano (3.9.1)
      airbrussh (>= 1.0.0)
      i18n
      rake (>= 10.0.0)
      sshkit (>= 1.9.0)
    capistrano-bundler (1.3.0)
      capistrano (~> 3.1)
      sshkit (~> 1.2)
    capistrano-file-permissions (1.0.0)
      capistrano (~> 3.0)
    capistrano-rbenv (2.1.1)
      capistrano (~> 3.1)
      sshkit (~> 1.3)
    foreman (0.84.0)
      thor (~> 0.19.1)
    i18n (0.8.6)
    inifile (3.0.0)
    net-scp (1.2.1)
      net-ssh (>= 2.6.5)
    net-ssh (4.2.0)
    rake (12.1.0)
    sshkit (1.14.0)
      net-scp (>= 1.1.2)
      net-ssh (>= 2.8.0)
    thor (0.19.4)

PLATFORMS
  ruby

DEPENDENCIES
  capistrano (~> 3.9.1)
  capistrano-bundler (~> 1.3.0)
  capistrano-file-permissions (~> 1.0.0)
  capistrano-mea-defaults!
  capistrano-rbenv (~> 2.1.1)
  captastic!
  captastic-foreman!
  captastic-nginx!
  captastic-subdomains!
  foreman (~> 0.84.0)

BUNDLED WITH
   1.15.4
